GEM
  remote: http://rubygems.org/
  specs:
    parslet (1.8.2)

PLATFORMS
  ruby

DEPENDENCIES
  parslet (~> 1.8)

RUBY VERSION
   ruby 2.5.1p57

BUNDLED WITH
   1.16.1
