GEM
  remote: http://rubygems.org/
  specs:
    blankslate (2.1.2.4)
    parslet (1.2.3)
      blankslate (~> 2.0)

PLATFORMS
  ruby

DEPENDENCIES
  parslet (~> 1.2.3)
